FRAMEWORK: >= NET40
NUGET
  remote: https://www.nuget.org/api/v2
    WebSharper (3.5.14.215)
    WebSharper.UI.Next (3.5.18.192)
      WebSharper (>= 3.5.14.215)
